PATH
  remote: .
  specs:
    capybara-bootstrap-datepicker (0.2.4)

GEM
  remote: https://rubygems.org/
  specs:
    addressable (2.8.1)
      public_suffix (>= 2.0.2, < 6.0)
    capybara (3.38.0)
      addressable
      matrix
      mini_mime (>= 0.1.3)
      nokogiri (~> 1.8)
      rack (>= 1.6.0)
      rack-test (>= 0.6.3)
      regexp_parser (>= 1.5, < 3.0)
      xpath (~> 3.2)
    capybara-screenshot (1.0.24)
      capybara (>= 1.0, < 4)
      launchy
    cliver (0.3.2)
    diff-lcs (1.5.0)
    launchy (2.5.2)
      addressable (~> 2.8)
    matrix (0.4.2)
    mini_mime (1.1.2)
    mini_portile2 (2.8.1)
    nokogiri (1.14.2)
      mini_portile2 (~> 2.8.0)
      racc (~> 1.4)
    phantomjs (2.1.1.0)
    poltergeist (1.18.1)
      capybara (>= 2.1, < 4)
      cliver (~> 0.3.1)
      websocket-driver (>= 0.2.0)
    public_suffix (5.0.1)
    racc (1.6.2)
    rack (3.0.6.1)
    rack-test (2.1.0)
      rack (>= 1.3)
    regexp_parser (2.7.0)
    rspec (3.12.0)
      rspec-core (~> 3.12.0)
      rspec-expectations (~> 3.12.0)
      rspec-mocks (~> 3.12.0)
    rspec-core (3.12.1)
      rspec-support (~> 3.12.0)
    rspec-expectations (3.12.2)
      diff-lcs (>= 1.2.0, < 2.0)
      rspec-support (~> 3.12.0)
    rspec-mocks (3.12.4)
      diff-lcs (>= 1.2.0, < 2.0)
      rspec-support (~> 3.12.0)
    rspec-support (3.12.0)
    websocket-driver (0.7.1)
      websocket-extensions (>= 0.1.0)
    websocket-extensions (0.1.5)
    xpath (3.2.0)
      nokogiri (~> 1.8)

PLATFORMS
  ruby

DEPENDENCIES
  capybara (~> 3.29, >= 3.29.0)
  capybara-bootstrap-datepicker!
  capybara-screenshot (~> 1.0, >= 1.0.22)
  nokogiri (>= 1.6.7.2)
  phantomjs (~> 2.1, >= 2.1.1.0)
  poltergeist (~> 1.18, >= 1.18.1)
  rack (>= 1.6.11)
  rspec (~> 3.9, >= 3.9.0)

BUNDLED WITH
   2.3.3
